GEM
  remote: https://rubygems.org/
  specs:
    Ascii85 (1.0.2)
    afm (0.2.0)
    faraday (0.8.7)
      multipart-post (~> 1.1)
    hashery (2.1.0)
    multi_json (1.7.3)
    multipart-post (1.2.0)
    pdf-reader (1.3.3)
      Ascii85 (~> 1.0.0)
      afm (~> 0.2.0)
      hashery (~> 2.0)
      ruby-rc4
      ttfunk
    ruby-rc4 (0.1.5)
    simple_oauth (0.2.0)
    ttfunk (1.0.3)
    twitter (4.6.2)
      faraday (~> 0.8, < 0.10)
      multi_json (~> 1.0)
      simple_oauth (~> 0.2)

PLATFORMS
  ruby

DEPENDENCIES
  pdf-reader
  twitter (~> 4.0)
